GEM
  remote: https://rubygems.org/
  specs:
    crass (1.0.2)
    mini_portile2 (2.8.0)
    nokogiri (1.13.4)
      mini_portile2 (~> 2.8.0)
      racc (~> 1.4)
    nokogumbo (1.4.10)
      nokogiri
    racc (1.6.0)
    rack (1.6.5)
    rack-protection (1.5.3)
      rack
    sanitize (4.4.0)
      crass (~> 1.0.2)
      nokogiri (>= 1.4.4)
      nokogumbo (~> 1.4.1)
    sinatra (1.4.8)
      rack (~> 1.5)
      rack-protection (~> 1.4)
      tilt (>= 1.3, < 3)
    tilt (2.0.7)

PLATFORMS
  ruby

DEPENDENCIES
  sanitize
  sinatra

BUNDLED WITH
   1.14.6
