GEM
  remote: https://rubygems.org/
  specs:
    crass (1.0.6)
    mini_portile2 (2.5.0)
    nokogiri (1.11.3)
      mini_portile2 (~> 2.5.0)
      racc (~> 1.4)
    nokogumbo (2.0.5)
      nokogiri (~> 1.8, >= 1.8.4)
    racc (1.5.2)
    rack (1.6.5)
    rack-protection (1.5.3)
      rack
    sanitize (5.2.1)
      crass (~> 1.0.2)
      nokogiri (>= 1.8.0)
      nokogumbo (~> 2.0)
    sinatra (1.4.8)
      rack (~> 1.5)
      rack-protection (~> 1.4)
      tilt (>= 1.3, < 3)
    tilt (2.0.7)

PLATFORMS
  ruby

DEPENDENCIES
  sanitize
  sinatra

BUNDLED WITH
   1.14.6
